GEM
  remote: https://rubygems.org/
  specs:
    minitest (5.3.4)

PLATFORMS
  ruby

DEPENDENCIES
  minitest (~> 5.2)
